Brain Vision Data Exchange Header File Version 1.0
; Data created by the Vision Recorder

[Common Infos]
Codepage=UTF-8
DataFile=Pexeso_berankova0087.eeg
MarkerFile=Pexeso_berankova0087.vmrk
DataFormat=BINARY
; Data orientation: MULTIPLEXED=ch1,pt1, ch2,pt1 ...
DataOrientation=MULTIPLEXED
NumberOfChannels=3
; Sampling interval in microseconds
SamplingInterval=1000

[Binary Infos]
BinaryFormat=IEEE_FLOAT_32

[Channel Infos]
; Each entry: Ch<Channel number>=<Name>,<Reference channel name>,
; <Resolution in "Unit">,<Unit>, Future extensions..
; Fields are delimited by commas, some fields might be omitted (empty).
; Commas in channel names are coded as "\1".
Ch1=Fz,,0.0488281,µV
Ch2=Cz,,0.0488281,µV
Ch3=Pz,,0.0488281,µV

[Comment]

BrainVision Recorder Professional   -   V. 1.21.0102


A m p l i f i e r  S e t u p
============================
Number of channels: 3
Sampling Rate [Hz]: 1000
Sampling Interval [µS]: 1000

Channels
--------
#     Name      Phys. Chn.    Resolution / Unit   Low Cutoff [s]   High Cutoff [Hz]   Notch [Hz]    Gradient         Offset
1     Fz          15         0.0488281 µV             DC                0              Off
2     Cz          13         0.0488281 µV             DC                0              Off
3     Pz          16         0.0488281 µV             DC                0              Off

Invert AUX Channel Polarity = No

S o f t w a r e  F i l t e r s
==============================
Disabled


Data / Ref / Gnd Electrodes Selected Impedance Measurement Range: 0 - 100 kOhm
Impedance [kOhm] at 14:23:36 :
Fz:           2
Cz:           2
Pz:           2
Ref:          1
Gnd:          2
